GEM
  remote: https://rubygems.org/
  specs:
    activemodel (6.1.3.1)    

PLATFORMS
  ruby

DEPENDENCIES
  activemodel (~> 6.1.3)
  
RUBY VERSION
   ruby 2.7.2p83

BUNDLED WITH
   2.3.1
