GEM
  remote: https://rubygems.org/
  specs:
    marcel (0.3.3)
      mimemagic (~> 0.3.2)
    mimemagic (0.3.3)
    websocket-driver (0.7.1)
      websocket-extensions (>= 0.1.0)
    websocket-extensions (0.1.4)

PLATFORMS
  ruby

DEPENDENCIES
  bundler (~> 2.0.1)
  yard

BUNDLED WITH
   2.0.2
