GEM
  remote: https://rubygems.org/
  specs:
    activesupport (2.3.18)

PLATFORMS
  ruby

DEPENDENCIES
  activesupport (= 2.3.18)

RUBY VERSION
   ruby 2.3.0p0

BUNDLED WITH
   1.15.1
